PATH
  remote: .
  specs:
    lego (0.0.1)
      nokogiri
      rest-client

GEM
  remote: http://rubygems.org/
  specs:
    builder (3.2.0)
    cucumber (1.3.1)
      builder (>= 2.1.2)
      diff-lcs (>= 1.1.3)
      gherkin (~> 2.12.0)
      multi_json (~> 1.3)
    diff-lcs (1.2.4)
    fakeweb (1.3.0)
    gherkin (2.12.0)
      multi_json (~> 1.3)
    mime-types (1.23)
    multi_json (1.7.2)
    nokogiri (1.5.9)
    rake (10.0.4)
    rest-client (1.6.7)
      mime-types (>= 1.16)
    rspec (2.13.0)
      rspec-core (~> 2.13.0)
      rspec-expectations (~> 2.13.0)
      rspec-mocks (~> 2.13.0)
    rspec-core (2.13.1)
    rspec-expectations (2.13.0)
      diff-lcs (>= 1.1.3, < 2.0)
    rspec-mocks (2.13.1)
    vcr (2.2.5)

PLATFORMS
  ruby

DEPENDENCIES
  cucumber
  fakeweb (~> 1.3.0)
  lego!
  rake
  rspec
  vcr (~> 2.2.3)
